NUGET
  remote: https://vrvis.myget.org/F/aardvark_public/api/v2
  specs:
    Aardvark.Application (1.6.19)
      Aardvark.Base.Incremental (>= 1.6.20 < 1.7.0)
      Aardvark.Base.Rendering (>= 1.6.19)
    Aardvark.Application.WinForms (1.6.19)
      Aardvark.Application (>= 1.6.19)
      Aardvark.Base.Incremental (>= 1.6.20 < 1.7.0)
      Aardvark.Base.Rendering (>= 1.6.19)
    Aardvark.Application.WinForms.GL (1.6.19)
      Aardvark.Application (>= 1.6.19)
      Aardvark.Application.WinForms (>= 1.6.19)
      Aardvark.Base.Incremental (>= 1.6.20 < 1.7.0)
      Aardvark.Base.Rendering (>= 1.6.19)
      Aardvark.Rendering.GL (>= 1.6.19)
    Aardvark.Base (1.6.20)
      DevILSharp (>= 0.0.11 < 0.1.0)
    Aardvark.Base.Essentials (1.6.20)
      Aardvark.Base (>= 1.6.20)
      Rx-Linq (>= 2.2.5 < 2.3.0)
      System.Collections.Immutable (>= 1.1.36 < 1.2.0)
    Aardvark.Base.FSharp (1.6.20)
      Aardvark.Base (>= 1.6.20)
      DevILSharp (>= 0.0.11 < 0.1.0)
      FSharp.Compiler.Service (>= 0.0.90 < 0.1.0)
      RegexProvider (>= 0.0.5 < 0.1.0)
    Aardvark.Base.Incremental (1.6.20)
      Aardvark.Base (1.6.20)
      Aardvark.Base.Essentials (1.6.20)
      Aardvark.Base.FSharp (1.6.20)
    Aardvark.Base.Rendering (1.6.19)
      Aardvark.Base.Incremental (>= 1.6.20 < 1.7.0)
    Aardvark.Base.Runtime (1.6.20)
      Aardvark.Base (1.6.20)
      Aardvark.Base.Essentials (1.6.20)
      Aardvark.Base.FSharp (1.6.20)
      Aardvark.Base.Incremental (1.6.20)
    Aardvark.Rendering.GL (1.6.19)
      Aardvark.Base.Incremental (>= 1.6.20 < 1.7.0)
      Aardvark.Base.Rendering (>= 1.6.19)
      Aardvark.Base.Runtime (>= 1.6.20 < 1.7.0)
      FShade (>= 1.6.0 < 1.7.0)
      FSharp.Quotations.Evaluator (>= 1.0.6 < 1.1.0)
    Aardvark.SceneGraph (1.6.19)
      Aardvark.Base.Incremental (>= 1.6.20 < 1.7.0)
      Aardvark.Base.Rendering (>= 1.6.19)
      FShade (>= 1.6.0 < 1.7.0)
    FShade (1.6.8)
      Aardvark.Base (>= 1.6.0 < 1.7.0)
      Aardvark.Base.FSharp (>= 1.6.0 < 1.7.0)
      FSharp.Compiler.Service (>= 0.0.90 < 0.1.0)
  remote: https://www.nuget.org/api/v2
  specs:
    DevILSharp (0.0.13)
    FSharp.Compiler.Service (0.0.90)
    FSharp.Quotations.Evaluator (1.0.7)
    RegexProvider (0.0.5)
    Rx-Core (2.2.5)
      Rx-Interfaces (>= 2.2.5)
    Rx-Interfaces (2.2.5)
    Rx-Linq (2.2.5)
      Rx-Core (>= 2.2.5)
      Rx-Interfaces (>= 2.2.5)
    System.Collections (4.0.10) - framework: dnxcore50
      System.Diagnostics.Debug (>= 4.0.0) - framework: dnxcore50
      System.Resources.ResourceManager (>= 4.0.0) - framework: dnxcore50
      System.Runtime (>= 4.0.0) - framework: dnxcore50
      System.Runtime (>= 4.0.20) - framework: dnxcore50
      System.Runtime.Extensions (>= 4.0.0) - framework: dnxcore50
      System.Threading (>= 4.0.0) - framework: dnxcore50
    System.Collections.Immutable (1.1.37)
      System.Collections (>= 4.0.0) - framework: dnxcore50
      System.Diagnostics.Debug (>= 4.0.0) - framework: dnxcore50
      System.Globalization (>= 4.0.0) - framework: dnxcore50
      System.Linq (>= 4.0.0) - framework: dnxcore50
      System.Resources.ResourceManager (>= 4.0.0) - framework: dnxcore50
      System.Runtime (>= 4.0.0) - framework: dnxcore50
      System.Runtime.Extensions (>= 4.0.0) - framework: dnxcore50
      System.Threading (>= 4.0.0) - framework: dnxcore50
    System.Diagnostics.Debug (4.0.10) - framework: dnxcore50
      System.Runtime (>= 4.0.0) - framework: dnxcore50
    System.Globalization (4.0.10) - framework: dnxcore50
      System.Runtime (>= 4.0.0) - framework: dnxcore50
    System.IO (4.0.10) - framework: dnxcore50
      System.Globalization (>= 4.0.0) - framework: dnxcore50
      System.Runtime (>= 4.0.20) - framework: dnxcore50
      System.Text.Encoding (>= 4.0.0) - framework: dnxcore50
      System.Text.Encoding (>= 4.0.10) - framework: dnxcore50
      System.Text.Encoding.Extensions (>= 4.0.0) - framework: dnxcore50
      System.Threading (>= 4.0.0) - framework: dnxcore50
      System.Threading.Tasks (>= 4.0.0) - framework: dnxcore50
    System.Linq (4.0.0) - framework: dnxcore50
      System.Collections (>= 4.0.10) - framework: dnxcore50
      System.Diagnostics.Debug (>= 4.0.10) - framework: dnxcore50
      System.Resources.ResourceManager (>= 4.0.0) - framework: dnxcore50
      System.Runtime (>= 4.0.20) - framework: dnxcore50
      System.Runtime.Extensions (>= 4.0.10) - framework: dnxcore50
    System.Private.Uri (4.0.0) - framework: dnxcore50
    System.Reflection (4.0.10) - framework: dnxcore50
      System.IO (>= 4.0.0) - framework: dnxcore50
      System.Reflection.Primitives (>= 4.0.0) - framework: dnxcore50
      System.Runtime (>= 4.0.20) - framework: dnxcore50
    System.Reflection.Primitives (4.0.0) - framework: dnxcore50
      System.Runtime (>= 4.0.0) - framework: dnxcore50
      System.Threading (>= 4.0.0) - framework: dnxcore50
    System.Resources.ResourceManager (4.0.0) - framework: dnxcore50
      System.Globalization (>= 4.0.0) - framework: dnxcore50
      System.Reflection (>= 4.0.0) - framework: dnxcore50
      System.Reflection (>= 4.0.10) - framework: dnxcore50
      System.Runtime (>= 4.0.0) - framework: dnxcore50
      System.Runtime (>= 4.0.20) - framework: dnxcore50
    System.Runtime (4.0.20) - framework: dnxcore50
      System.Private.Uri (>= 4.0.0) - framework: dnxcore50
    System.Runtime.Extensions (4.0.10) - framework: dnxcore50
      System.Runtime (>= 4.0.20) - framework: dnxcore50
    System.Text.Encoding (4.0.10) - framework: dnxcore50
      System.Runtime (>= 4.0.0) - framework: dnxcore50
    System.Text.Encoding.Extensions (4.0.10) - framework: dnxcore50
      System.Runtime (>= 4.0.0) - framework: dnxcore50
      System.Text.Encoding (>= 4.0.10) - framework: dnxcore50
    System.Threading (4.0.10) - framework: dnxcore50
      System.Runtime (>= 4.0.0) - framework: dnxcore50
      System.Threading.Tasks (>= 4.0.0) - framework: dnxcore50
    System.Threading.Tasks (4.0.10) - framework: dnxcore50
      System.Runtime (>= 4.0.0) - framework: dnxcore50

GROUP Build
CONTENT: NONE
NUGET
  remote: http://www.nuget.org/api/v2
  specs:
    FAKE (4.13.0)
    SourceLink.Fake (1.1.0)
GITHUB
  remote: vrvis/Aardvark.Fake
  specs:
    bin/Aardvark.Fake.dll (6f446264c7ea1989ae85062a843080e458f39325)